PATH
  remote: .
  specs:
    require_pattern (1.0)

GEM
  remote: https://rubygems.org/
  specs:
    maxitest (1.0.3)
      minitest (>= 5.0.0, < 5.5.0)
    metaclass (0.0.4)
    minitest (5.4.3)
    mocha (1.1.0)
      metaclass (~> 0.0.1)

PLATFORMS
  ruby

DEPENDENCIES
  maxitest
  mocha
  require_pattern!
